GEM
  remote: https://rubygems.org/
  specs:
    iobuffer (1.1.2)
    jubatus (0.1.0)
      msgpack-rpc (~> 0.4.5)
    msgpack (0.4.7)
    msgpack-rpc (0.4.5)
      msgpack (>= 0.4.4)
      rev (>= 0.3.0)
    rev (0.3.2)
      iobuffer (>= 0.1.3)

PLATFORMS
  ruby

DEPENDENCIES
  jubatus
